GEM
  remote: http://rubygems.org/
  specs:
    bson (1.3.1)
    diff-lcs (1.1.2)
    factory_girl (1.3.3)
    mongo (1.3.1)
      bson (>= 1.3.1)
    rspec (2.6.0)
      rspec-core (~> 2.6.0)
      rspec-expectations (~> 2.6.0)
      rspec-mocks (~> 2.6.0)
    rspec-core (2.6.4)
    rspec-expectations (2.6.0)
      diff-lcs (~> 1.1.2)
    rspec-mocks (2.6.0)

PLATFORMS
  ruby

DEPENDENCIES
  factory_girl
  mongo
  rspec
